GEM
  remote: https://rubygems.org/
  specs:
    dotenv (2.7.5)
    fileutils (1.4.1)
    json (2.3.0)

PLATFORMS
  ruby

DEPENDENCIES
  dotenv
  fileutils
  json

BUNDLED WITH
   2.1.2
